PATH
  remote: .
  specs:
    action_client (0.1.0)

GEM
  remote: https://rubygems.org/
  specs:
    minitest (5.16.3)
    rake (13.0.6)

PLATFORMS
  x86_64-linux

DEPENDENCIES
  action_client!
  minitest (~> 5.0)
  rake (~> 13.0)

BUNDLED WITH
   2.3.26
